GEM
  remote: https://rubygems.org/
  specs:
    asciidoctor (2.0.10)
    rake (13.0.1)
    rouge (3.20.0)

PLATFORMS
  ruby

DEPENDENCIES
  asciidoctor
  rake
  rouge

BUNDLED WITH
   2.1.2
